GEM
  remote: https://rubygems.org/
  specs:
    base64 (0.2.0)
    bcrypt (3.1.20)
    better_errors (2.10.1)
      erubi (>= 1.0.0)
      rack (>= 0.9.0)
      rouge (>= 1.0.0)
    binding_of_caller (1.0.1)
      debug_inspector (>= 1.2.0)
    debug_inspector (1.2.0)
    erubi (1.13.0)
    execjs (2.10.0)
    ffi (1.17.0-x64-mingw-ucrt)
    ffi (1.17.0-x86_64-linux-gnu)
    listen (3.9.0)
      rb-fsevent (~> 0.10, >= 0.10.3)
      rb-inotify (~> 0.9, >= 0.9.10)
    logger (1.6.1)
    mustermann (3.0.3)
      ruby2_keywords (~> 0.0.1)
    nio4r (2.7.4)
    puma (6.5.0)
      nio4r (~> 2.0)
    rack (3.1.8)
    rack-protection (4.1.1)
      base64 (>= 0.1.0)
      logger (>= 1.6.0)
      rack (>= 3.0.0, < 4)
    rack-session (2.0.0)
      rack (>= 3.0.0)
    rackup (2.2.1)
      rack (>= 3)
    rb-fsevent (0.11.2)
    rb-inotify (0.11.1)
      ffi (~> 1.0)
    rdiscount (2.2.7.3)
    rerun (0.14.0)
      listen (~> 3.0)
    rouge (4.5.1)
    ruby2_keywords (0.0.5)
    sassc (2.4.0)
      ffi (~> 1.9)
    sinatra (4.1.1)
      logger (>= 1.6.0)
      mustermann (~> 3.0)
      rack (>= 3.0.0, < 4)
      rack-protection (= 4.1.1)
      rack-session (>= 2.0.0, < 3)
      tilt (~> 2.0)
    sinatra-url-for (0.2.2.1)
      sinatra (>= 0.9.1.1)
    sqlite3 (2.3.0-x64-mingw-ucrt)
    sqlite3 (2.3.0-x86_64-linux-gnu)
    terser (1.2.4)
      execjs (>= 0.3.0, < 3)
    tilt (2.4.0)
    uglifier (4.2.1)
      execjs (>= 0.3.0, < 3)
    yui-compressor (0.12.0)

PLATFORMS
  x64-mingw-ucrt
  x86_64-linux

DEPENDENCIES
  bcrypt
  better_errors (~> 2.10)
  binding_of_caller
  puma
  rack
  rackup
  rdiscount (~> 2.2)
  rerun
  sassc (~> 2.4)
  sinatra
  sinatra-url-for (~> 0.2.2)
  sqlite3
  terser (~> 1.2)
  uglifier
  yui-compressor (~> 0.12.0)

BUNDLED WITH
   2.5.16
